GEM
  remote: https://rubygems.org/
  specs:
    leetspeak (0.1.1)

PLATFORMS
  ruby

DEPENDENCIES
  leetspeak
